GEM
  remote: https://rubygems.org/
  specs:
    mime (0.4.4)
    mime-types (3.2.2)
      mime-types-data (~> 3.2015)
    mime-types-data (3.2018.0812)
    mini_exiftool (2.9.0)
    mini_portile2 (2.4.0)
    nokogiri (1.10.1)
      mini_portile2 (~> 2.4.0)
    spider (0.5.3)
    zip (2.0.2)

PLATFORMS
  ruby

DEPENDENCIES
  mime
  mime-types
  mini_exiftool
  nokogiri
  spider
  zip

BUNDLED WITH
   2.0.1
